PATH
  remote: .
  specs:
    site_watcher (0.1.0)
      diffy (~> 3.3)
      selenium-webdriver (~> 3.142)
      sqlite3 (~> 1.4)
      thor (~> 0.20)

GEM
  remote: https://rubygems.org/
  specs:
    aruba (0.14.9)
      childprocess (>= 0.6.3, < 1.1.0)
      contracts (~> 0.9)
      cucumber (>= 1.3.19)
      ffi (~> 1.9)
      rspec-expectations (>= 2.99)
      thor (~> 0.19)
    backports (3.15.0)
    builder (3.2.3)
    byebug (11.0.1)
    childprocess (1.0.0)
    contracts (0.16.0)
    cucumber (3.1.2)
      builder (>= 2.1.2)
      cucumber-core (~> 3.2.0)
      cucumber-expressions (~> 6.0.1)
      cucumber-wire (~> 0.0.1)
      diff-lcs (~> 1.3)
      gherkin (~> 5.1.0)
      multi_json (>= 1.7.5, < 2.0)
      multi_test (>= 0.1.2)
    cucumber-core (3.2.1)
      backports (>= 3.8.0)
      cucumber-tag_expressions (~> 1.1.0)
      gherkin (~> 5.0)
    cucumber-expressions (6.0.1)
    cucumber-tag_expressions (1.1.1)
    cucumber-wire (0.0.1)
    diff-lcs (1.3)
    diffy (3.3.0)
    ffi (1.11.1)
    gherkin (5.1.0)
    multi_json (1.13.1)
    multi_test (0.1.2)
    rake (13.0.1)
    rspec (3.8.0)
      rspec-core (~> 3.8.0)
      rspec-expectations (~> 3.8.0)
      rspec-mocks (~> 3.8.0)
    rspec-core (3.8.0)
      rspec-support (~> 3.8.0)
    rspec-expectations (3.8.3)
      diff-lcs (>= 1.2.0, < 2.0)
      rspec-support (~> 3.8.0)
    rspec-mocks (3.8.0)
      diff-lcs (>= 1.2.0, < 2.0)
      rspec-support (~> 3.8.0)
    rspec-support (3.8.0)
    rubyzip (1.2.3)
    selenium-webdriver (3.142.3)
      childprocess (>= 0.5, < 2.0)
      rubyzip (~> 1.2, >= 1.2.2)
    sqlite3 (1.4.1)
    thor (0.20.3)

PLATFORMS
  ruby

DEPENDENCIES
  aruba (~> 0.14.9)
  bundler (~> 1.17)
  byebug (~> 11.0)
  rake (~> 13.0)
  rspec (~> 3.0)
  site_watcher!

BUNDLED WITH
   1.17.2
